GEM
  specs:
    async (1.10.3)
      nio4r (~> 2.3)
      timers (~> 4.1)
    async-io (1.15.5)
      async (~> 1.3)
    bitcoin-secp256k1 (0.4.0)
      ffi (>= 1.9.10)
    ciri-common (0.1.0)
      ciri-crypto (~> 0.1.1)
      ciri-rlp (~> 1.0.1)
      ciri-utils (~> 0.2.2)
    ciri-crypto (0.1.1)
      bitcoin-secp256k1 (~> 0.4.0)
      ciri-utils (~> 0.2.0)
    ciri-p2p (0.3.0)
      async (~> 1.10.3)
      async-io (~> 1.15.5)
      ciri-common (~> 0.1.0)
      ciri-crypto (~> 0.1.1)
      ciri-rlp (~> 1.0.1)
      ciri-utils (~> 0.2.2)
      snappy (~> 0.0.17)
    ciri-rlp (1.0.1)
      ciri-utils (>= 0.2.2)
    ciri-utils (0.2.2)
      digest-sha3 (~> 1.1.0)
    digest-sha3 (1.1.0)
    ffi (1.9.25)
    nio4r (2.3.1)
    snappy (0.0.17)
    timers (4.2.0)

PLATFORMS
  ruby

DEPENDENCIES
  ciri-p2p (~> 0.3.0)

BUNDLED WITH
   1.16.5
